GEM
  remote: https://rubygems.org/
  specs:
    addressable (2.3.5)

PLATFORMS
  ruby

DEPENDENCIES
  addressable

BUNDLED WITH
   2.0.2
