GEM
  remote: https://rubygems.org/
  specs:
    addressable (2.3.5)
    alfredo (0.1.2)
      nokogiri
    nokogiri (1.5.9)

PLATFORMS
  ruby

DEPENDENCIES
  addressable
  alfredo
